GEM
  remote: https://rubygems.org/
  specs:
    power_assert (1.1.3)
    test-unit (3.3.0)
      power_assert

PLATFORMS
  ruby

DEPENDENCIES
  test-unit

BUNDLED WITH
   2.0.2
